GEM
  remote: https://rubygems.org/
  specs:
    andand (1.3.3)
    libxml-ruby (3.1.0)
    rspreadsheet (0.5.3)
      andand (>= 1.3)
      rubyzip (>= 1.3)
    rubyzip (2.3.0)

PLATFORMS
  ruby

DEPENDENCIES
  libxml-ruby
  rspreadsheet

BUNDLED WITH
   2.1.4
